GEM
  remote: https://rubygems.org/
  specs:
    rack (2.2.8)
    webrick (1.8.1)

PLATFORMS
  x86_64-linux

DEPENDENCIES
  rack (~> 2.2)
  webrick

RUBY VERSION
   ruby 3.2.1p31

BUNDLED WITH
   2.4.19
