GEM
  remote: https://rubygems.org/
  specs:
    rack (2.2.8)
    webrick (1.8.1)

PLATFORMS
  x86_64-linux

DEPENDENCIES
  rack
  webrick

BUNDLED WITH
   2.4.19
